GEM
  specs:
    kgio (2.11.4)
    raindrops (0.20.0)
    unicorn (5.1.0)
      kgio (~> 2.6)
      raindrops (~> 0.7)

PLATFORMS
  x86_64-darwin-19

DEPENDENCIES
  unicorn (~> 5.1)

BUNDLED WITH
   2.2.33
